GEM
  remote: https://rubygems.org/
  specs:
    ngrok-tunnel (2.0.1)

PLATFORMS
  ruby

DEPENDENCIES
  bundler
  ngrok-tunnel
